GEM
  remote: http://rubygems.org/
  specs:
    addressable (2.2.4)
    deploy_tracker (0.0.4)
    faraday (0.5.7)
      addressable (~> 2.2.4)
      multipart-post (~> 1.1.0)
      rack (>= 1.1.0, < 2)
    faraday_middleware (0.3.2)
      faraday (~> 0.5.4)
    hashie (1.0.0)
    multi_json (0.0.5)
    multi_xml (0.2.2)
    multipart-post (1.1.0)
    rack (1.2.2)
    serialport (1.0.4)
    simple_oauth (0.1.4)
    tigerblood (2.0.0)
    twitter (1.2.0)
      faraday (~> 0.5.4)
      faraday_middleware (~> 0.3.2)
      hashie (~> 1.0.0)
      multi_json (~> 0.0.5)
      multi_xml (~> 0.2.0)
      simple_oauth (~> 0.1.4)
    yajl-ruby (0.8.1)

PLATFORMS
  ruby

DEPENDENCIES
  deploy_tracker
  serialport
  tigerblood
  twitter
  yajl-ruby
